GIT
  remote: git://github.com/eric/metriks-librato_metrics.git
  revision: a7909226d632f9b2206cd1fd04b959d38f3a8ed0
  specs:
    metriks-librato_metrics (1.0.3)
      metriks (>= 0.9.9.6)

GIT
  remote: git://github.com/finalci/travis-support.git
  revision: e496e14fb6bba39a0c1a8dcee9b935ce9e7de481
  specs:
    travis-support (0.0.1)

GIT
  remote: git://github.com/rack/rack-contrib.git
  revision: 34062096a468b5d9adac87692599d4974ea69f15
  specs:
    rack-contrib (1.2.0)
      rack (>= 0.9.1)

PATH
  remote: .
  specs:
    travis-guest-api (0.0.1)
      multi_json
      rake
      travis-config (~> 0.1.0)

GEM
  remote: https://rubygems.org/
  specs:
    activesupport (3.2.21)
      i18n (~> 0.6, >= 0.6.4)
      multi_json (~> 1.0)
    addressable (2.3.8)
    atomic (1.1.99)
    atomic (1.1.99-java)
    avl_tree (1.1.3)
    backports (3.6.4)
    database_cleaner (1.4.1)
    diff-lcs (1.2.5)
    factory_girl (2.6.4)
      activesupport (>= 2.3.9)
    faraday (0.9.1)
      multipart-post (>= 1.2, < 3)
    hashr (0.0.22)
    hitimes (1.2.2)
    hitimes (1.2.2-java)
    i18n (0.7.0)
    json-schema (2.5.1)
      addressable (~> 2.3.7)
    march_hare (2.7.0-java)
    metriks (0.9.9.6)
      atomic (~> 1.0)
      avl_tree (~> 1.1.2)
      hitimes (~> 1.1)
    mini_portile (0.6.2)
    multi_json (1.11.0)
    multipart-post (2.0.0)
    nokogiri (1.6.6.2)
      mini_portile (~> 0.6.0)
    nokogiri (1.6.6.2-java)
    puma (2.11.2)
      rack (>= 1.1, < 2.0)
    puma (2.11.2-java)
      rack (>= 1.1, < 2.0)
    rack (1.4.5)
    rack-protection (1.5.3)
      rack
    rack-test (0.6.3)
      rack (>= 1.0)
    rake (10.3.2)
    rspec (3.2.0)
      rspec-core (~> 3.2.0)
      rspec-expectations (~> 3.2.0)
      rspec-mocks (~> 3.2.0)
    rspec-core (3.2.3)
      rspec-support (~> 3.2.0)
    rspec-expectations (3.2.1)
      diff-lcs (>= 1.2.0, < 2.0)
      rspec-support (~> 3.2.0)
    rspec-mocks (3.2.1)
      diff-lcs (>= 1.2.0, < 2.0)
      rspec-support (~> 3.2.0)
    rspec-support (3.2.2)
    sinatra (1.4.6)
      rack (~> 1.4)
      rack-protection (~> 1.4)
      tilt (>= 1.3, < 3)
    sinatra-contrib (1.4.2)
      backports (>= 2.0)
      multi_json
      rack-protection
      rack-test
      sinatra (~> 1.4.0)
      tilt (~> 1.3)
    tilt (1.4.1)
    travis-config (0.1.0)
      hashr (~> 0.0)

PLATFORMS
  java
  ruby

DEPENDENCIES
  database_cleaner (~> 1.4.1)
  factory_girl (~> 2.6.0)
  faraday
  json-schema
  march_hare (~> 2.7.0)
  metriks (= 0.9.9.6)
  metriks-librato_metrics!
  nokogiri
  puma
  rack-contrib!
  rspec
  sinatra
  sinatra-contrib
  travis-config (~> 0.1.0)
  travis-guest-api!
  travis-support!
