GIT
  remote: git://github.com/eric/metriks-librato_metrics.git
  revision: a7909226d632f9b2206cd1fd04b959d38f3a8ed0
  specs:
    metriks-librato_metrics (1.0.3)
      metriks (>= 0.9.9.6)

GIT
  remote: git://github.com/finalci/travis-support.git
  revision: 592ccf7dbb6cc631c200c64d3f682ed593fb2aa1
  specs:
    travis-support (0.0.1)

GIT
  remote: git://github.com/lksv/rack-parser.git
  revision: 064b70b0dce834c7023433d6e1e5f66af5b1eb7c
  branch: fix_json_array
  specs:
    rack-parser (0.6.1)
      rack

GIT
  remote: git://github.com/rack/rack-contrib.git
  revision: ea0c82dc3a6353542b7fe0cbd262c43378e28b31
  specs:
    rack-contrib (1.4.0)
      git-version-bump (~> 0.15)
      rack (~> 1.4)

PATH
  remote: .
  specs:
    travis-guest-api (0.0.1)
      multi_json
      rake
      travis-config (~> 0.1.0)

GEM
  remote: https://rubygems.org/
  specs:
    activesupport (4.2.3)
      i18n (~> 0.7)
      json (~> 1.7, >= 1.7.7)
      minitest (~> 5.1)
      thread_safe (~> 0.3, >= 0.3.4)
      tzinfo (~> 1.1)
    addressable (2.3.8)
    amq-protocol (1.9.2)
    atomic (1.1.99)
    atomic (1.1.99-java)
    avl_tree (1.1.3)
    backports (3.6.6)
    bunny (1.7.0)
      amq-protocol (>= 1.9.2)
    codeclimate-test-reporter (0.4.7)
      simplecov (>= 0.7.1, < 1.0.0)
    coderay (1.1.0)
    database_cleaner (1.4.1)
    diff-lcs (1.2.5)
    docile (1.1.5)
    factory_girl (2.6.4)
      activesupport (>= 2.3.9)
    faraday (0.9.1)
      multipart-post (>= 1.2, < 3)
    ffi (1.9.10-java)
    git-version-bump (0.15.1)
    hashr (0.0.22)
    hitimes (1.2.2)
    hitimes (1.2.2-java)
    i18n (0.7.0)
    json (1.8.3)
    json (1.8.3-java)
    json-schema (2.5.1)
      addressable (~> 2.3.7)
    march_hare (2.7.0-java)
    method_source (0.8.2)
    metriks (0.9.9.6)
      atomic (~> 1.0)
      avl_tree (~> 1.1.2)
      hitimes (~> 1.1)
    mini_portile (0.6.2)
    minitest (5.7.0)
    multi_json (1.11.2)
    multipart-post (2.0.0)
    nokogiri (1.6.6.2)
      mini_portile (~> 0.6.0)
    nokogiri (1.6.6.2-java)
    pry (0.10.1)
      coderay (~> 1.1.0)
      method_source (~> 0.8.1)
      slop (~> 3.4)
    pry (0.10.1-java)
      coderay (~> 1.1.0)
      method_source (~> 0.8.1)
      slop (~> 3.4)
      spoon (~> 0.0)
    pry-doc (0.6.0)
      pry (~> 0.9)
      yard (~> 0.8)
    puma (2.12.3)
    puma (2.12.3-java)
    rack (1.6.4)
    rack-protection (1.5.3)
      rack
    rack-test (0.6.3)
      rack (>= 1.0)
    racksh (1.0.0)
      rack (>= 1.0)
      rack-test (>= 0.5)
    rake (10.4.2)
    rspec (3.3.0)
      rspec-core (~> 3.3.0)
      rspec-expectations (~> 3.3.0)
      rspec-mocks (~> 3.3.0)
    rspec-core (3.3.2)
      rspec-support (~> 3.3.0)
    rspec-expectations (3.3.1)
      diff-lcs (>= 1.2.0, < 2.0)
      rspec-support (~> 3.3.0)
    rspec-mocks (3.3.2)
      diff-lcs (>= 1.2.0, < 2.0)
      rspec-support (~> 3.3.0)
    rspec-support (3.3.0)
    simplecov (0.10.0)
      docile (~> 1.1.0)
      json (~> 1.8)
      simplecov-html (~> 0.10.0)
    simplecov-html (0.10.0)
    sinatra (1.4.6)
      rack (~> 1.4)
      rack-protection (~> 1.4)
      tilt (>= 1.3, < 3)
    sinatra-contrib (1.4.6)
      backports (>= 2.0)
      multi_json
      rack-protection
      rack-test
      sinatra (~> 1.4.0)
      tilt (>= 1.3, < 3)
    slop (3.6.0)
    spoon (0.0.4)
      ffi
    thread_safe (0.3.5)
    thread_safe (0.3.5-java)
    tilt (2.0.1)
    travis-config (0.1.1)
      hashr (~> 0.0)
    tzinfo (1.2.2)
      thread_safe (~> 0.1)
    yard (0.8.7.6)

PLATFORMS
  java
  ruby

DEPENDENCIES
  activesupport (~> 4.2.3)
  bunny
  codeclimate-test-reporter
  database_cleaner (~> 1.4.1)
  factory_girl (~> 2.6.0)
  faraday
  json-schema
  march_hare (~> 2.7.0)
  method_source (~> 0.8.2)
  metriks (= 0.9.9.6)
  metriks-librato_metrics!
  multi_json (~> 1.0)
  nokogiri
  pry
  pry-doc (~> 0.6.0)
  puma
  rack-contrib!
  rack-parser!
  racksh
  rspec
  sinatra
  sinatra-contrib
  travis-config (~> 0.1.0)
  travis-guest-api!
  travis-support!

BUNDLED WITH
   1.10.6
